PATH
  remote: .
  specs:
    guard-pusher (0.0.1)
      guard (>= 0.3)
      pusher (>= 0.8)

GEM
  remote: http://rubygems.org/
  specs:
    configuration (1.2.0)
    crack (0.1.8)
    diff-lcs (1.1.2)
    guard (0.3.0)
      open_gem (~> 1.4.2)
      thor (~> 0.14.6)
    json (1.4.6)
    launchy (0.3.7)
      configuration (>= 0.0.5)
      rake (>= 0.8.1)
    open_gem (1.4.2)
      launchy (~> 0.3.5)
    pusher (0.8.0)
      crack (~> 0.1.0)
      json (~> 1.4.0)
      ruby-hmac (~> 0.4.0)
      signature (~> 0.1.2)
    rake (0.8.7)
    rspec (2.3.0)
      rspec-core (~> 2.3.0)
      rspec-expectations (~> 2.3.0)
      rspec-mocks (~> 2.3.0)
    rspec-core (2.3.1)
    rspec-expectations (2.3.0)
      diff-lcs (~> 1.1.2)
    rspec-mocks (2.3.0)
    ruby-hmac (0.4.0)
    signature (0.1.2)
      ruby-hmac
    thor (0.14.6)

PLATFORMS
  ruby

DEPENDENCIES
  bundler (~> 1.0.0)
  guard-pusher!
  rspec (~> 2.3.0)
